PATH
  remote: .
  specs:
    webvtt-ruby (0.3.2)

GEM
  remote: https://rubygems.org/
  specs:
    minitest (5.16.2)

PLATFORMS
  ruby

DEPENDENCIES
  minitest
  webvtt-ruby!

BUNDLED WITH
   1.17.2
